PATH
  remote: .
  specs:
    quakeLogParser (0.1.0)
      thor (~> 1.2.1)

GEM
  remote: https://rubygems.org/
  specs:
    diff-lcs (1.5.0)
    rspec (3.10.0)
      rspec-core (~> 3.10.0)
      rspec-expectations (~> 3.10.0)
      rspec-mocks (~> 3.10.0)
    rspec-core (3.10.1)
      rspec-support (~> 3.10.0)
    rspec-expectations (3.10.2)
      diff-lcs (>= 1.2.0, < 2.0)
      rspec-support (~> 3.10.0)
    rspec-mocks (3.10.2)
      diff-lcs (>= 1.2.0, < 2.0)
      rspec-support (~> 3.10.0)
    rspec-support (3.10.3)
    thor (1.2.1)

PLATFORMS
  x86_64-linux

DEPENDENCIES
  quakeLogParser!
  rspec

RUBY VERSION
   ruby 3.1.0p0

BUNDLED WITH
   2.3.3
